GEM
  remote: https://rubygems.org/
  specs:
    mini_portile (0.6.0)
    nokogiri (1.6.3.1)
      mini_portile (= 0.6.0)
    rake (10.4.0)
    sqlite3 (1.3.9)

PLATFORMS
  ruby

DEPENDENCIES
  nokogiri
  rake
  sqlite3
